GIT
  remote: git://github.com/stympy/faker.git
  revision: 573699dcfb3e8416397411e6fdb2b7f1ceeb8caf
  branch: master
  specs:
    faker (1.8.0)
      i18n (~> 0.5)

GEM
  specs:
    i18n (0.8.1)
    pickle-interpreter (0.1.1)
    rack (1.6.5)
    rack-protection (1.5.3)
      rack
    redis (3.3.3)
    sinatra (1.4.8)
      rack (~> 1.5)
      rack-protection (~> 1.4)
      tilt (>= 1.3, < 3)
    tilt (2.0.6)

PLATFORMS
  ruby

DEPENDENCIES
  faker!
  pickle-interpreter (= 0.1.1)
  redis (= 3.3.3)
  sinatra (= 1.4.8)

BUNDLED WITH
   1.14.3
